GEM
  remote: http://rubygems.org/
  specs:
    daemons (1.1.9)
    eventmachine (1.0.0)
    faraday (0.8.4)
      multipart-post (~> 1.1)
    gabbler (0.1.0)
    htmlentities (4.3.1)
    multi_json (1.3.6)
    multipart-post (1.1.5)
    nokogiri (1.5.5)
    rack (1.4.1)
    rack-protection (1.2.0)
      rack
    redis (3.0.2)
    simple_oauth (0.1.8)
    sinatra (1.3.3)
      rack (~> 1.3, >= 1.3.6)
      rack-protection (~> 1.2)
      tilt (~> 1.3, >= 1.3.3)
    term-ansicolor (1.0.7)
    thin (1.5.0)
      daemons (>= 1.0.9)
      eventmachine (>= 0.12.6)
      rack (>= 1.0.0)
    tilt (1.3.3)
    twitter (4.0.0)
      faraday (~> 0.8)
      multi_json (~> 1.3)
      simple_oauth (~> 0.1.6)

PLATFORMS
  ruby

DEPENDENCIES
  gabbler (~> 0.1.0)
  htmlentities (~> 4.3.1)
  nokogiri (~> 1.5.5)
  redis (~> 3.0.2)
  sinatra
  term-ansicolor (~> 1.0.7)
  thin
  twitter
